GEM
  remote: https://rubygems.org/
  specs:
    gosu (1.4.6)
    json (2.8.2)

PLATFORMS
  ruby
  x86_64-linux

DEPENDENCIES
  gosu (~> 1.4.6)
  json (~> 2.8, >= 2.8.2)

RUBY VERSION
   ruby 3.0.5p211

BUNDLED WITH
   2.5.18
